GEM
  remote: https://rubygems.org/
  specs:
    power_assert (0.3.0)
    rack (1.6.4)
    rack-protection (1.5.3)
      rack
    rake (11.2.2)
    rdoc (4.2.1)
    serialport (1.3.1)
    sinatra (1.4.7)
      rack (~> 1.5)
      rack-protection (~> 1.4)
      tilt (>= 1.3, < 3)
    test-unit (3.2.0)
      power_assert
    tilt (2.0.5)

PLATFORMS
  ruby

DEPENDENCIES
  rake
  rdoc
  serialport
  sinatra
  test-unit

RUBY VERSION
   ruby 2.3.1p112

BUNDLED WITH
   1.12.5
